GEM
  remote: https://rubygems.org/
  specs:
    aws-sdk (2.2.33)
      aws-sdk-resources (= 2.2.33)
    aws-sdk-core (2.2.33)
      jmespath (~> 1.0)
    aws-sdk-resources (2.2.33)
      aws-sdk-core (= 2.2.33)
    jmespath (1.2.4)
      json_pure (>= 1.8.1)
    json (1.8.3)
    json_pure (1.8.3)

PLATFORMS
  ruby

DEPENDENCIES
  aws-sdk (~> 2.0)!
  json (~> 1.8)!

BUNDLED WITH
   1.11.2
